GIT
  remote: git://github.com/ajb/pipedrive-ruby.git
  revision: 8a02d44a838beabb02957cf430ac6e0e3477a709
  specs:
    pipedrive-ruby (0.3.3)
      httparty
      json (>= 1.7.7)
      multi_xml (>= 0.5.2)
      webmock

GEM
  remote: https://rubygems.org/
  specs:
    activesupport (5.0.0)
      concurrent-ruby (~> 1.0, >= 1.0.2)
      i18n (~> 0.7)
      minitest (~> 5.1)
      tzinfo (~> 1.1)
    addressable (2.3.8)
    coderay (1.1.1)
    concurrent-ruby (1.0.2)
    crack (0.4.2)
      safe_yaml (~> 1.0.0)
    dotenv (2.0.2)
    httparty (0.13.5)
      json (~> 1.8)
      multi_xml (>= 0.5.2)
    i18n (0.7.0)
    json (1.8.3)
    method_source (0.8.2)
    minitest (5.9.0)
    multi_xml (0.5.5)
    pry (0.10.4)
      coderay (~> 1.1.0)
      method_source (~> 0.8.1)
      slop (~> 3.4)
    safe_yaml (1.0.4)
    slop (3.6.0)
    thread_safe (0.3.5)
    tzinfo (1.2.2)
      thread_safe (~> 0.1)
    webmock (1.21.0)
      addressable (>= 2.3.6)
      crack (>= 0.3.2)

PLATFORMS
  ruby

DEPENDENCIES
  activesupport
  dotenv
  pipedrive-ruby!
  pry

BUNDLED WITH
   1.12.5
